PATH
  remote: .
  specs:
    pgbackups-archive (0.0.4)
      bundler (~> 1.2.1)
      fog (>= 1.4.0)
      heroku (~> 2.32.14)
      rake (>= 0.9.2.2)

GEM
  remote: http://rubygems.org/
  specs:
    addressable (2.3.2)
    ansi (1.4.3)
    builder (3.1.4)
    cane (2.5.2)
      parallel
    coderay (1.0.8)
    excon (0.16.7)
    fog (1.6.0)
      builder
      excon (~> 0.14)
      formatador (~> 0.2.0)
      mime-types
      multi_json (~> 1.0)
      net-scp (~> 1.0.4)
      net-ssh (>= 2.1.3)
      nokogiri (~> 1.5.0)
      ruby-hmac
    formatador (0.2.3)
    guard (1.6.2)
      listen (>= 0.6.0)
      lumberjack (>= 1.0.2)
      pry (>= 0.9.10)
      terminal-table (>= 1.4.3)
      thor (>= 0.14.6)
    guard-minitest (0.5.0)
      guard (>= 0.4)
    hashie (1.2.0)
    heroku (2.32.14)
      heroku-api (~> 0.3.5)
      launchy (>= 0.3.2)
      netrc (~> 0.7.7)
      rest-client (~> 1.6.1)
      rubyzip
    heroku-api (0.3.5)
      excon (~> 0.16.1)
    launchy (2.1.2)
      addressable (~> 2.3)
    listen (0.7.2)
    lumberjack (1.0.2)
    metaclass (0.0.1)
    method_source (0.8.1)
    mime-types (1.19)
    minitest (4.5.0)
    minitest-reporters (0.14.7)
      ansi
      builder
      minitest (>= 2.12, < 5.0)
      powerbar
    mocha (0.13.2)
      metaclass (~> 0.0.1)
    multi_json (1.3.6)
    net-scp (1.0.4)
      net-ssh (>= 1.99.1)
    net-ssh (2.6.1)
    netrc (0.7.7)
    nokogiri (1.5.5)
    parallel (0.6.2)
    powerbar (1.0.11)
      ansi (~> 1.4.0)
      hashie (>= 1.1.0)
    pry (0.9.11.4)
      coderay (~> 1.0.5)
      method_source (~> 0.8)
      slop (~> 3.4)
    rake (0.9.2.2)
    rb-fsevent (0.9.3)
    rest-client (1.6.7)
      mime-types (>= 1.16)
    ruby-hmac (0.4.0)
    rubyzip (0.9.9)
    simplecov (0.7.1)
      multi_json (~> 1.0)
      simplecov-html (~> 0.7.1)
    simplecov-html (0.7.1)
    slop (3.4.3)
    terminal-notifier-guard (1.5.3)
    terminal-table (1.4.5)
    thincloud-test (1.0.0.pre)
      cane (~> 2.5.2)
      guard (~> 1.6.1)
      guard-minitest (~> 0.5.0)
      minitest (~> 4.5.0)
      minitest-reporters (~> 0.14.7)
      mocha (~> 0.13.2)
      rb-fsevent (~> 0.9.1)
      simplecov (~> 0.7.1)
      terminal-notifier-guard (~> 1.5.3)
      thor (~> 0.17.0)
    thor (0.17.0)

PLATFORMS
  ruby

DEPENDENCIES
  pgbackups-archive!
  thincloud-test (~> 1.0.0.pre)
